GEM
  remote: http://rubygems.org/
  specs:
    activesupport (3.1.3)
      multi_json (~> 1.0)
    diff-lcs (1.1.3)
    i18n (0.6.0)
    mini_portile2 (2.8.0)
    multi_json (1.0.3)
    nokogiri (1.13.8)
      mini_portile2 (~> 2.8.0)
      racc (~> 1.4)
    racc (1.6.0)
    rack (1.3.5)
    rack-mount (0.8.3)
      rack (>= 1.0.0)
    rspec (2.3.0)
      rspec-core (~> 2.3.0)
      rspec-expectations (~> 2.3.0)
      rspec-mocks (~> 2.3.0)
    rspec-core (2.3.1)
    rspec-expectations (2.3.0)
      diff-lcs (~> 1.1.2)
    rspec-mocks (2.3.0)
    thor (0.14.6)
    yard (0.6.8)

PLATFORMS
  ruby

DEPENDENCIES
  activesupport (~> 3.1)
  i18n
  nokogiri
  rack
  rack-mount
  rspec (~> 2.3.0)
  thor
  yard (~> 0.6.0)

BUNDLED WITH
   2.2.29
